GEM
  remote: http://rubygems.org/
  specs:
    Platform (0.4.0)
    RedCloth (4.2.3)
    actionmailer (2.3.11)
      actionpack (= 2.3.11)
    actionpack (2.3.11)
      activesupport (= 2.3.11)
      rack (~> 1.1.0)
    activerecord (2.3.11)
      activesupport (= 2.3.11)
    activeresource (2.3.11)
      activesupport (= 2.3.11)
    activesupport (2.3.11)
    backup (3.0.19)
      popen4 (~> 0.1.2)
      thor (~> 0.14.6)
    capistrano (2.5.19)
      highline
      net-scp (>= 1.0.0)
      net-sftp (>= 2.0.0)
      net-ssh (>= 2.0.14)
      net-ssh-gateway (>= 1.0.0)
    capistrano-ext (1.2.1)
      capistrano (>= 1.0.0)
    chronic (0.6.5)
    edavis10-object_daddy (0.4.3)
    highline (1.6.1)
    hoe (2.7.0)
      rake (>= 0.8.7)
      rubyforge (>= 2.0.4)
    holidays (1.0.0)
    icalendar (1.1.5)
    json_pure (1.4.6)
    mocha (0.9.10)
      rake
    mysql (2.8.1)
    net-scp (1.0.4)
      net-ssh (>= 1.99.1)
    net-sftp (2.0.5)
      net-ssh (>= 2.0.9)
    net-ssh (2.0.23)
    net-ssh-gateway (1.0.1)
      net-ssh (>= 1.99.1)
    open4 (1.3.0)
    popen4 (0.1.2)
      Platform (>= 0.4.0)
      open4 (>= 0.4.0)
    prawn (0.8.4)
      prawn-core (>= 0.8.4, < 0.9)
      prawn-layout (>= 0.8.4, < 0.9)
      prawn-security (>= 0.8.4, < 0.9)
    prawn-core (0.8.4)
    prawn-layout (0.8.4)
    prawn-security (0.8.4)
    rack (1.1.2)
    rails (2.3.11)
      actionmailer (= 2.3.11)
      actionpack (= 2.3.11)
      activerecord (= 2.3.11)
      activeresource (= 2.3.11)
      activesupport (= 2.3.11)
      rake (>= 0.8.3)
    rake (0.8.7)
    rubyforge (2.0.4)
      json_pure (>= 1.1.7)
    rubytree (0.5.2)
      hoe (>= 1.3.0)
    shoulda (2.11.3)
    thor (0.14.6)
    whenever (0.7.0)
      activesupport (>= 2.3.4)
      chronic (~> 0.6.3)

PLATFORMS
  ruby

DEPENDENCIES
  RedCloth (~> 4.2.3)
  backup (~> 3.0.16)
  bundler
  capistrano
  capistrano-ext
  edavis10-object_daddy
  holidays
  icalendar
  mocha
  mysql
  prawn
  rack
  rails (= 2.3.11)
  rubytree (= 0.5.2)
  shoulda
  whenever
